{
    "Modality": "MR",
    "MagneticFieldStrength": 7,
    "ImagingFrequency": 297.177381,
    "Manufacturer": "Siemens",
    "ManufacturersModelName": "Investigational_Device_7T",
    "InstitutionName": "BIC",
    "InstitutionalDepartmentName": "Department",
    "InstitutionAddress": "Street StreetNo,City,District,CA,ZIP",
    "DeviceSerialNumber": "79017",
    "StationName": "AWP79017",
    "BodyPart": "CSPINE",
    "PatientPosition": "HFS",
    "ProcedureStepDescription": "Development^Dr. Cohen-Adad",
    "SoftwareVersions": "syngo MR E12",
    "MRAcquisitionType": "2D",
    "StudyDescription": "Development^Dr. Cohen-Adad",
    "SeriesDescription": "ep2d_bold_f0xyz_task_run1",
    "ProtocolName": "ep2d_bold_f0xyz_task_run1",
    "ScanningSequence": "EP",
    "SequenceVariant": "SK",
    "ScanOptions": "PFP\\FS",
    "SequenceName": "epfid2d1_128",
    "ImageType": [
        "ORIGINAL",
        "PRIMARY",
        "M",
        "ND",
        "MOSAIC",
        "MAGNITUDE"
    ],
    "NonlinearGradientCorrection": false,
    "SeriesNumber": 9,
    "AcquisitionTime": "15:49:25.720000",
    "AcquisitionNumber": 1,
    "SliceThickness": 3,
    "SpacingBetweenSlices": 3,
    "SAR": 0.244274,
    "TablePosition": [
        0,
        0,
        14
    ],
    "EchoTime": 0.023,
    "RepetitionTime": 2.5,
    "FlipAngle": 75,
    "PartialFourier": 0.75,
    "BaseResolution": 128,
    "ShimSetting": [
        118,
        -351,
        -1816,
        -1784,
        -402,
        6605,
        -2367,
        381
    ],
    "TxRefAmp": 494.147,
    "PhaseResolution": 1,
    "ReceiveCoilName": "NP11_ACDC_SPINE",
    "ReceiveCoilActiveElements": "1H;1H;1H;1H;1H;1H;1H;1H;1H;1H;1H;1H;1H;1H;1H;1H;1H;1H;1H;1H",
    "PulseSequenceDetails": "%CustomerSeq%\\ep2d_bold_shimming",
    "RefLinesPE": 24,
    "CoilCombinationMethod": "Sum of Squares",
    "ConsistencyInfo": "N4_VE12U_LATEST_20181126",
    "MatrixCoilMode": "GRAPPA",
    "PercentPhaseFOV": 100,
    "PercentSampling": 100,
    "EchoTrainLength": 47,
    "PhaseEncodingSteps": 95,
    "AcquisitionMatrixPE": 128,
    "ReconMatrixPE": 128,
    "BandwidthPerPixelPhaseEncode": 14.603,
    "ParallelReductionFactorInPlane": 2,
    "EffectiveEchoSpacing": 0.000534993,
    "DerivedVendorReportedEchoSpacing": 0.00106999,
    "TotalReadoutTime": 0.0679441,
    "PixelBandwidth": 1055,
    "DwellTime": 3.7e-06,
    "PhaseEncodingDirection": "j-",
    "SliceTiming": [
        1.25,
        0,
        1.34,
        0.09,
        1.43,
        0.18,
        1.5175,
        0.27,
        1.6075,
        0.3575,
        1.6975,
        0.4475,
        1.7875,
        0.5375,
        1.875,
        0.625,
        1.965,
        0.715,
        2.055,
        0.805,
        2.1425,
        0.895,
        2.2325,
        0.9825,
        2.3225,
        1.0725,
        2.4125,
        1.1625
    ],
    "ImageOrientationPatientDICOM": [
        1,
        0,
        0,
        0,
        0.965473,
        0.260505
    ],
    "ImageOrientationText": "Tra>Cor(15.1)",
    "InPlanePhaseEncodingDirectionDICOM": "COL",
    "BidsGuess": [
        "func",
        "_acq-epfid2p2_dir-AP_run-9_bold"
    ],
    "ConversionSoftware": "dcm2niix",
    "ConversionSoftwareVersion": "v1.0.20250505",
    "Dcm2bidsVersion": "3.2.0",
    "TaskName": "motor",
    "Instructions": "Squeeze the ball as much as possible and hold when you see the green circle, or relax when you see the white cross, using the right hand.",
    "TaskDescription": "Motor task in which participants respond to visual cues by squeezing or relaxing a ball with the right hand.",
    "PulseSequenceType": "EPI",
    "PartialFourierDirection": "j"
}