{
    "Modality": "MR",
    "MagneticFieldStrength": 7,
    "ImagingFrequency": 297.177066,
    "Manufacturer": "Siemens",
    "ManufacturersModelName": "Investigational_Device_7T",
    "InstitutionName": "BIC",
    "InstitutionalDepartmentName": "Department",
    "InstitutionAddress": "Street StreetNo,City,District,CA,ZIP",
    "DeviceSerialNumber": "79017",
    "StationName": "AWP79017",
    "BodyPart": "CSPINE",
    "PatientPosition": "HFS",
    "ProcedureStepDescription": "Development^Dr. Cohen-Adad",
    "SoftwareVersions": "syngo MR E12",
    "MRAcquisitionType": "2D",
    "StudyDescription": "Development^Dr. Cohen-Adad",
    "SeriesDescription": "localizer_for_segmentation",
    "ProtocolName": "localizer_for_segmentation",
    "ScanningSequence": "GR",
    "SequenceVariant": "SP\\OSP",
    "SequenceName": "*qfl2d1",
    "ImageType": [
        "ORIGINAL",
        "PRIMARY",
        "M",
        "DIS2D",
        "MAGNITUDE"
    ],
    "NonlinearGradientCorrection": true,
    "SeriesNumber": 16,
    "AcquisitionTime": "09:38:17.385000",
    "AcquisitionNumber": 1,
    "SliceThickness": 0.8,
    "SpacingBetweenSlices": 0.8,
    "SAR": 0.00541972,
    "TablePosition": [
        0,
        0,
        11
    ],
    "EchoTime": 0.00387,
    "RepetitionTime": 0.0076,
    "FlipAngle": 5,
    "PartialFourier": 1,
    "BaseResolution": 224,
    "ShimSetting": [
        146,
        -145,
        -2211,
        -525,
        283,
        7022,
        -371,
        66
    ],
    "TxRefAmp": 542.116,
    "PhaseResolution": 1,
    "PhaseOversampling": 0.25,
    "ReceiveCoilName": "NP11_ACDC_SPINE",
    "ReceiveCoilActiveElements": "1H;1H;1H;1H;1H;1H;1H;1H;1H;1H;1H;1H;1H;1H;1H;1H;1H;1H;1H;1H",
    "PulseSequenceDetails": "%SiemensSeq%\\gre",
    "RefLinesPE": 32,
    "CoilCombinationMethod": "Sum of Squares",
    "ConsistencyInfo": "N4_VE12U_LATEST_20181126",
    "MatrixCoilMode": "GRAPPA",
    "PercentPhaseFOV": 100,
    "PercentSampling": 100,
    "PhaseEncodingSteps": 280,
    "AcquisitionMatrixPE": 224,
    "ReconMatrixPE": 224,
    "ParallelReductionFactorInPlane": 2,
    "PixelBandwidth": 370,
    "DwellTime": 6e-06,
    "PhaseEncodingDirection": "j-",
    "SliceTiming": [
        0,
        1.17969,
        2.36719,
        3.55469,
        4.74219,
        5.92188,
        7.10938,
        8.29688,
        9.48438,
        10.6641,
        11.8516,
        13.0391,
        14.2266,
        15.4062,
        16.5938,
        17.7812,
        18.9688,
        20.1484,
        21.3359,
        22.5234,
        23.7109,
        24.8984,
        26.0781,
        27.2656,
        28.4531,
        29.6406,
        30.8203,
        32.0078,
        33.1953,
        34.3828,
        35.5625
    ],
    "ImageOrientationPatientDICOM": [
        1,
        0,
        0,
        0,
        0.920505,
        0.390731
    ],
    "ImageOrientationText": "Tra>Cor(23.0)",
    "InPlanePhaseEncodingDirectionDICOM": "COL",
    "BidsGuess": [
        "discard",
        "_acq-qfl2p2_run-16_localizer"
    ],
    "ConversionSoftware": "dcm2niix",
    "ConversionSoftwareVersion": "v1.0.20250505",
    "Dcm2bidsVersion": "3.2.0",
    "PulseSequenceType": "Gradient Echo",
    "PartialFourierDirection": "j"
}