{
    "Modality": "MR",
    "MagneticFieldStrength": 7,
    "ImagingFrequency": 297.176786,
    "Manufacturer": "Siemens",
    "ManufacturersModelName": "Investigational_Device_7T",
    "InstitutionName": "BIC",
    "InstitutionalDepartmentName": "Department",
    "InstitutionAddress": "Street StreetNo,City,District,CA,ZIP",
    "DeviceSerialNumber": "79017",
    "StationName": "AWP79017",
    "BodyPart": "CSPINE",
    "PatientPosition": "HFS",
    "ProcedureStepDescription": "Development^Dr. Cohen-Adad",
    "SoftwareVersions": "syngo MR E12",
    "MRAcquisitionType": "2D",
    "StudyDescription": "Development^Dr. Cohen-Adad",
    "SeriesDescription": "localizer_for_segmentation",
    "ProtocolName": "localizer_for_segmentation",
    "ScanningSequence": "GR",
    "SequenceVariant": "SP\\OSP",
    "SequenceName": "*qfl2d1",
    "ImageType": [
        "ORIGINAL",
        "PRIMARY",
        "M",
        "DIS2D",
        "MAGNITUDE"
    ],
    "NonlinearGradientCorrection": true,
    "SeriesNumber": 22,
    "AcquisitionTime": "16:14:25.890000",
    "AcquisitionNumber": 1,
    "SliceThickness": 2.5,
    "SpacingBetweenSlices": 2.5,
    "SAR": 0.00498731,
    "TablePosition": [
        0,
        0,
        17
    ],
    "EchoTime": 0.00379,
    "RepetitionTime": 0.0076,
    "FlipAngle": 5,
    "PartialFourier": 1,
    "BaseResolution": 192,
    "ShimSetting": [
        148,
        -97,
        6,
        -77,
        -22,
        -103,
        -106,
        -285
    ],
    "TxRefAmp": 472.103,
    "PhaseResolution": 1,
    "PhaseOversampling": 0.25,
    "ReceiveCoilName": "NP11_ACDC_SPINE",
    "ReceiveCoilActiveElements": "1H;1H;1H;1H;1H;1H;1H;1H;1H;1H;1H;1H;1H;1H;1H;1H;1H;1H;1H;1H",
    "PulseSequenceDetails": "%SiemensSeq%\\gre",
    "RefLinesPE": 32,
    "CoilCombinationMethod": "Sum of Squares",
    "ConsistencyInfo": "N4_VE12U_LATEST_20181126",
    "MatrixCoilMode": "GRAPPA",
    "PercentPhaseFOV": 100,
    "PercentSampling": 100,
    "PhaseEncodingSteps": 240,
    "AcquisitionMatrixPE": 192,
    "ReconMatrixPE": 192,
    "ParallelReductionFactorInPlane": 2,
    "PixelBandwidth": 320,
    "DwellTime": 8.1e-06,
    "PhaseEncodingDirection": "j-",
    "SliceTiming": [
        60.9844,
        59.9531,
        58.9219,
        57.875,
        56.8438,
        55.8125,
        54.7812,
        53.75,
        52.7188,
        51.6719,
        50.6406,
        49.6094,
        48.5781,
        47.5469,
        46.5156,
        45.4844,
        44.4375,
        43.4062,
        42.375,
        41.3438,
        40.3125,
        39.2812,
        38.2344,
        37.2031,
        36.1719,
        35.1406,
        34.1094,
        33.0781,
        32.0469,
        31,
        29.9688,
        28.9375,
        27.9062,
        26.875,
        25.8438,
        24.7969,
        23.7656,
        22.7344,
        21.7031,
        20.6719,
        19.6406,
        18.6094,
        17.5625,
        16.5312,
        15.5,
        14.4688,
        13.4375,
        12.4062,
        11.375,
        10.3281,
        9.29688,
        8.26562,
        7.23438,
        6.20312,
        5.17188,
        4.14062,
        3.09375,
        2.0625,
        1.03125,
        0
    ],
    "ImageOrientationPatientDICOM": [
        1,
        0,
        0,
        0,
        0.940881,
        0.338738
    ],
    "ImageOrientationText": "Tra>Cor(19.8)",
    "InPlanePhaseEncodingDirectionDICOM": "COL",
    "BidsGuess": [
        "discard",
        "_acq-qfl2p2_run-22_localizer"
    ],
    "ConversionSoftware": "dcm2niix",
    "ConversionSoftwareVersion": "v1.0.20250505",
    "Dcm2bidsVersion": "3.2.0",
    "PulseSequenceType": "Gradient Echo",
    "PartialFourierDirection": "j"
}