{
    "Modality": "MR",
    "MagneticFieldStrength": 7,
    "ImagingFrequency": 297.176497,
    "Manufacturer": "Siemens",
    "ManufacturersModelName": "Investigational_Device_7T",
    "InstitutionName": "BIC",
    "InstitutionalDepartmentName": "Department",
    "InstitutionAddress": "Street StreetNo,City,District,CA,ZIP",
    "DeviceSerialNumber": "79017",
    "StationName": "AWP79017",
    "BodyPart": "CSPINE",
    "PatientPosition": "HFS",
    "ProcedureStepDescription": "Development^Dr. Cohen-Adad",
    "SoftwareVersions": "syngo MR E12",
    "MRAcquisitionType": "2D",
    "StudyDescription": "Development^Dr. Cohen-Adad",
    "SeriesDescription": "localizer_for_segmentation",
    "ProtocolName": "localizer_for_segmentation",
    "ScanningSequence": "GR",
    "SequenceVariant": "SP\\OSP",
    "SequenceName": "*qfl2d1",
    "ImageType": [
        "ORIGINAL",
        "PRIMARY",
        "M",
        "DIS2D",
        "MAGNITUDE"
    ],
    "NonlinearGradientCorrection": true,
    "SeriesNumber": 4,
    "AcquisitionTime": "09:55:40.090000",
    "AcquisitionNumber": 1,
    "SliceThickness": 2.5,
    "SpacingBetweenSlices": 2.5,
    "SAR": 0.00423475,
    "TablePosition": [
        0,
        0,
        16
    ],
    "EchoTime": 0.00379,
    "RepetitionTime": 0.0076,
    "FlipAngle": 5,
    "PartialFourier": 1,
    "BaseResolution": 192,
    "ShimSetting": [
        148,
        -93,
        15,
        -76,
        0,
        -147,
        -99,
        -259
    ],
    "TxRefAmp": 442.153,
    "PhaseResolution": 1,
    "PhaseOversampling": 0.25,
    "ReceiveCoilName": "NP11_ACDC_SPINE",
    "ReceiveCoilActiveElements": "1H;1H;1H;1H;1H;1H;1H;1H;1H;1H;1H;1H;1H;1H;1H;1H;1H;1H;1H;1H",
    "PulseSequenceDetails": "%SiemensSeq%\\gre",
    "RefLinesPE": 32,
    "CoilCombinationMethod": "Sum of Squares",
    "ConsistencyInfo": "N4_VE12U_LATEST_20181126",
    "MatrixCoilMode": "GRAPPA",
    "PercentPhaseFOV": 100,
    "PercentSampling": 100,
    "PhaseEncodingSteps": 240,
    "AcquisitionMatrixPE": 192,
    "ReconMatrixPE": 192,
    "ParallelReductionFactorInPlane": 2,
    "PixelBandwidth": 320,
    "DwellTime": 8.1e-06,
    "PhaseEncodingDirection": "j-",
    "SliceTiming": [
        60.9766,
        59.9453,
        58.9141,
        57.875,
        56.8438,
        55.8125,
        54.7734,
        53.7422,
        52.7109,
        51.6797,
        50.6406,
        49.6094,
        48.5781,
        47.5391,
        46.5078,
        45.4766,
        44.4375,
        43.4062,
        42.375,
        41.3438,
        40.3047,
        39.2734,
        38.2422,
        37.2031,
        36.1719,
        35.1406,
        34.1016,
        33.0703,
        32.0391,
        31,
        29.9688,
        28.9375,
        27.9062,
        26.8672,
        25.8359,
        24.8047,
        23.7656,
        22.7344,
        21.7031,
        20.6719,
        19.6328,
        18.6016,
        17.5625,
        16.5312,
        15.5,
        14.4688,
        13.4375,
        12.3984,
        11.3672,
        10.3281,
        9.29688,
        8.26562,
        7.23438,
        6.19531,
        5.16406,
        4.13281,
        3.09375,
        2.0625,
        1.03125,
        0
    ],
    "ImageOrientationPatientDICOM": [
        1,
        0,
        0,
        0,
        0.957823,
        0.287361
    ],
    "ImageOrientationText": "Tra>Cor(16.7)",
    "InPlanePhaseEncodingDirectionDICOM": "COL",
    "BidsGuess": [
        "discard",
        "_acq-qfl2p2_run-4_localizer"
    ],
    "ConversionSoftware": "dcm2niix",
    "ConversionSoftwareVersion": "v1.0.20250505",
    "Dcm2bidsVersion": "3.2.0",
    "PulseSequenceType": "Gradient Echo",
    "PartialFourierDirection": "j"
}