{
    "Modality": "MR",
    "MagneticFieldStrength": 7,
    "ImagingFrequency": 297.176886,
    "Manufacturer": "Siemens",
    "ManufacturersModelName": "Investigational_Device_7T",
    "InstitutionName": "BIC",
    "InstitutionalDepartmentName": "Department",
    "InstitutionAddress": "Street StreetNo,City,District,CA,ZIP",
    "DeviceSerialNumber": "79017",
    "StationName": "AWP79017",
    "BodyPart": "CSPINE",
    "PatientPosition": "HFS",
    "ProcedureStepDescription": "Development^Dr. Cohen-Adad",
    "SoftwareVersions": "syngo MR E12",
    "MRAcquisitionType": "2D",
    "StudyDescription": "Development^Dr. Cohen-Adad",
    "SeriesDescription": "ep2d_bold_R2_f0xyz_30vols",
    "ProtocolName": "ep2d_bold_R2_f0xyz_30vols",
    "ScanningSequence": "EP",
    "SequenceVariant": "SK",
    "ScanOptions": "PFP\\FS",
    "SequenceName": "epfid2d1_192",
    "ImageType": [
        "ORIGINAL",
        "PRIMARY",
        "M",
        "ND",
        "MOSAIC",
        "MAGNITUDE"
    ],
    "NonlinearGradientCorrection": false,
    "SeriesNumber": 15,
    "AcquisitionTime": "15:32:17.195000",
    "AcquisitionNumber": 1,
    "SliceThickness": 3,
    "SpacingBetweenSlices": 3,
    "SAR": 0.227564,
    "TablePosition": [
        0,
        0,
        31
    ],
    "EchoTime": 0.03,
    "RepetitionTime": 2.58,
    "FlipAngle": 85,
    "PartialFourier": 0.75,
    "BaseResolution": 192,
    "ShimSetting": [
        168,
        -131,
        -1323,
        567,
        578,
        2619,
        -2113,
        62
    ],
    "TxRefAmp": 450.936,
    "PhaseResolution": 1,
    "ReceiveCoilName": "NP11_ACDC_SPINE",
    "ReceiveCoilActiveElements": "1H;1H;1H;1H;1H;1H;1H;1H;1H;1H;1H;1H;1H;1H;1H;1H;1H;1H;1H;1H",
    "PulseSequenceDetails": "%CustomerSeq%\\ep2d_bold_shimming",
    "RefLinesPE": 24,
    "CoilCombinationMethod": "Sum of Squares",
    "ConsistencyInfo": "N4_VE12U_LATEST_20181126",
    "MatrixCoilMode": "GRAPPA",
    "PercentPhaseFOV": 100,
    "PercentSampling": 100,
    "EchoTrainLength": 71,
    "PhaseEncodingSteps": 143,
    "AcquisitionMatrixPE": 192,
    "ReconMatrixPE": 192,
    "BandwidthPerPixelPhaseEncode": 10.417,
    "ParallelReductionFactorInPlane": 2,
    "EffectiveEchoSpacing": 0.000499984,
    "DerivedVendorReportedEchoSpacing": 0.000999968,
    "TotalReadoutTime": 0.0954969,
    "PixelBandwidth": 1185,
    "DwellTime": 2.2e-06,
    "PhaseEncodingDirection": "j-",
    "SliceTiming": [
        1.2925,
        0,
        1.385,
        0.0925,
        1.4775,
        0.185,
        1.57,
        0.2775,
        1.6625,
        0.37,
        1.7525,
        0.4625,
        1.845,
        0.555,
        1.9375,
        0.6475,
        2.03,
        0.74,
        2.1225,
        0.83,
        2.215,
        0.9225,
        2.3075,
        1.015,
        2.4,
        1.1075,
        2.4925,
        1.2
    ],
    "ImageOrientationPatientDICOM": [
        1,
        0,
        0,
        0,
        0.949972,
        0.312335
    ],
    "ImageOrientationText": "Tra>Cor(18.2)",
    "InPlanePhaseEncodingDirectionDICOM": "COL",
    "BidsGuess": [
        "func",
        "_acq-epfid2p2_dir-AP_run-15_bold"
    ],
    "ConversionSoftware": "dcm2niix",
    "ConversionSoftwareVersion": "v1.0.20250505",
    "Dcm2bidsVersion": "3.2.0",
    "TaskName": "rest",
    "Instructions": "No instructions",
    "TaskDescription": "Resting-state scan to measure tSNR",
    "PulseSequenceType": "EPI",
    "PartialFourierDirection": "j"
}