{
    "Modality": "MR",
    "MagneticFieldStrength": 7,
    "ImagingFrequency": 297.177377,
    "Manufacturer": "Siemens",
    "ManufacturersModelName": "Investigational_Device_7T",
    "InstitutionName": "BIC",
    "InstitutionalDepartmentName": "Department",
    "InstitutionAddress": "Street StreetNo,City,District,CA,ZIP",
    "DeviceSerialNumber": "79017",
    "StationName": "AWP79017",
    "BodyPart": "CSPINE",
    "PatientPosition": "HFS",
    "ProcedureStepDescription": "Development^Dr. Cohen-Adad",
    "SoftwareVersions": "syngo MR E12",
    "MRAcquisitionType": "2D",
    "StudyDescription": "Development^Dr. Cohen-Adad",
    "SeriesDescription": "gre_field_mapping_baseline",
    "ProtocolName": "gre_field_mapping_baseline",
    "ScanningSequence": "GR",
    "SequenceVariant": "SP",
    "PulseSequenceType": "Spoiled Gradient Echo",
    "SequenceName": "*fm2d2r",
    "ImageType": [
        "ORIGINAL",
        "PRIMARY",
        "P",
        "ND",
        "PHASE"
    ],
    "NonlinearGradientCorrection": false,
    "SeriesNumber": 7,
    "AcquisitionTime": "14:02:04.970000",
    "AcquisitionNumber": 1,
    "SliceThickness": 2.5,
    "SpacingBetweenSlices": 2.5,
    "SAR": 0.172045,
    "TablePosition": [
        0,
        0,
        12
    ],
    "EchoNumber": 2,
    "EchoTime": 0.00385,
    "RepetitionTime": 0.329,
    "SpoilingState": true,
    "FlipAngle": 21,
    "EchoTime1": 0.00283,
    "EchoTime2": 0.00385,
    "BaseResolution": 64,
    "ShimSetting": [
        120,
        -318,
        -1189,
        -2114,
        234,
        5077,
        -840,
        -242
    ],
    "TxRefAmp": 476.526,
    "PhaseResolution": 1,
    "ReceiveCoilName": "NP11_ACDC_SPINE",
    "ReceiveCoilActiveElements": "1H;1H;1H;1H;1H;1H;1H;1H;1H;1H;1H;1H;1H;1H;1H;1H;1H;1H;1H;1H",
    "PulseSequenceDetails": "%SiemensSeq%\\gre_field_mapping",
    "CoilCombinationMethod": "Sum of Squares",
    "ConsistencyInfo": "N4_VE12U_LATEST_20181126",
    "MatrixCoilMode": "SENSE",
    "MultibandAccelerationFactor": 3,
    "PercentPhaseFOV": 100,
    "PercentSampling": 100,
    "PhaseEncodingSteps": 64,
    "AcquisitionMatrixPE": 64,
    "ReconMatrixPE": 64,
    "ParallelReductionFactorInPlane": 1,
    "ParallelReductionFactorOutOfPlane": 1,
    "PixelBandwidth": 910,
    "DwellTime": 8.6e-06,
    "PhaseEncodingDirection": "j-",
    "SliceTiming": [
        0.15625,
        0,
        0.15625,
        0,
        0.17188,
        0,
        0.17188,
        0.01562,
        0.1875,
        0.01562,
        0.1875,
        0.01562,
        0.1875,
        0.03125,
        0.1875,
        0.03125,
        0.20312,
        0.03125,
        0.20312,
        0.04688,
        0.21875,
        0.04688,
        0.21875,
        0.04688,
        0.21875,
        0.0625,
        0.23438,
        0.0625,
        0.23438,
        0.0625,
        0.23438,
        0.07812,
        0.25,
        0.07812,
        0.25,
        0.09375,
        0.25,
        0.09375,
        0.26562,
        0.09375,
        0.26562,
        0.10938,
        0.26562,
        0.10938,
        0.28125,
        0.10938,
        0.28125,
        0.125,
        0.29688,
        0.125,
        0.29688,
        0.125,
        0.29688,
        0.14062,
        0.3125,
        0.14062,
        0.3125,
        0.14062,
        0.3125,
        0.15625
    ],
    "ImageOrientationPatientDICOM": [
        1,
        0,
        0,
        0,
        0.963163,
        0.26892
    ],
    "ImageOrientationText": "Tra>Cor(15.6)",
    "InPlanePhaseEncodingDirectionDICOM": "COL",
    "BidsGuess": [
        "fmap",
        "_acq-fm2_phasediff"
    ],
    "ConversionSoftware": "dcm2niix",
    "ConversionSoftwareVersion": "v1.0.20260724",
    "Dcm2bidsVersion": "3.3.0.rc2"
}