{
    "Modality": "MR",
    "MagneticFieldStrength": 7,
    "ImagingFrequency": 297.176955,
    "Manufacturer": "Siemens",
    "ManufacturersModelName": "Investigational_Device_7T",
    "InstitutionName": "BIC",
    "InstitutionalDepartmentName": "Department",
    "InstitutionAddress": "Street StreetNo,City,District,CA,ZIP",
    "DeviceSerialNumber": "79017",
    "StationName": "AWP79017",
    "BodyPart": "CSPINE",
    "PatientPosition": "HFS",
    "ProcedureStepDescription": "Development^Dr. Cohen-Adad",
    "SoftwareVersions": "syngo MR E12",
    "MRAcquisitionType": "2D",
    "StudyDescription": "Development^Dr. Cohen-Adad",
    "SeriesDescription": "ep2d_bold_baseline_task_run1",
    "ProtocolName": "ep2d_bold_baseline_task_run1",
    "ScanningSequence": "EP",
    "SequenceVariant": "SK",
    "ScanOptions": "PFP\\FS",
    "SequenceName": "epfid2d1_128",
    "ImageType": [
        "ORIGINAL",
        "PRIMARY",
        "M",
        "ND",
        "MOSAIC",
        "MAGNITUDE"
    ],
    "NonlinearGradientCorrection": false,
    "SeriesNumber": 9,
    "AcquisitionTime": "16:14:54.997500",
    "AcquisitionNumber": 1,
    "SliceThickness": 3,
    "SpacingBetweenSlices": 3,
    "SAR": 0.224814,
    "TablePosition": [
        0,
        0,
        35
    ],
    "EchoTime": 0.023,
    "RepetitionTime": 2.5,
    "FlipAngle": 75,
    "PartialFourier": 0.75,
    "BaseResolution": 128,
    "ShimSetting": [
        168,
        3,
        -1505,
        -121,
        -14,
        4484,
        -41,
        221
    ],
    "TxRefAmp": 504.587,
    "PhaseResolution": 1,
    "ReceiveCoilName": "NP11_ACDC_SPINE",
    "ReceiveCoilActiveElements": "1H;1H;1H;1H;1H;1H;1H;1H;1H;1H;1H;1H;1H;1H;1H;1H;1H;1H;1H;1H",
    "PulseSequenceDetails": "%CustomerSeq%\\ep2d_bold_shimming",
    "RefLinesPE": 24,
    "CoilCombinationMethod": "Sum of Squares",
    "ConsistencyInfo": "N4_VE12U_LATEST_20181126",
    "MatrixCoilMode": "GRAPPA",
    "PercentPhaseFOV": 100,
    "PercentSampling": 100,
    "EchoTrainLength": 47,
    "PhaseEncodingSteps": 95,
    "AcquisitionMatrixPE": 128,
    "ReconMatrixPE": 128,
    "BandwidthPerPixelPhaseEncode": 14.603,
    "ParallelReductionFactorInPlane": 2,
    "EffectiveEchoSpacing": 0.000534993,
    "DerivedVendorReportedEchoSpacing": 0.00106999,
    "TotalReadoutTime": 0.0679441,
    "PixelBandwidth": 1055,
    "DwellTime": 3.7e-06,
    "PhaseEncodingDirection": "j-",
    "SliceTiming": [
        1.2475,
        0,
        1.3375,
        0.09,
        1.4275,
        0.1775,
        1.515,
        0.2675,
        1.605,
        0.3575,
        1.695,
        0.445,
        1.7825,
        0.535,
        1.8725,
        0.625,
        1.9625,
        0.7125,
        2.0525,
        0.8025,
        2.14,
        0.8925,
        2.23,
        0.98,
        2.32,
        1.07,
        2.4075,
        1.16
    ],
    "ImageOrientationPatientDICOM": [
        1,
        0,
        0,
        0,
        0.937282,
        0.348572
    ],
    "ImageOrientationText": "Tra>Cor(20.4)",
    "InPlanePhaseEncodingDirectionDICOM": "COL",
    "BidsGuess": [
        "func",
        "_acq-epfid2p2_dir-AP_run-9_bold"
    ],
    "ConversionSoftware": "dcm2niix",
    "ConversionSoftwareVersion": "v1.0.20250505",
    "Dcm2bidsVersion": "3.2.0",
    "TaskName": "motor",
    "Instructions": "Squeeze the ball as much as possible and hold when you see the green circle, or relax when you see the white cross, using the right hand.",
    "TaskDescription": "Motor task in which participants respond to visual cues by squeezing or relaxing a ball with the right hand.",
    "PulseSequenceType": "EPI",
    "PartialFourierDirection": "j"
}