{
    "Modality": "MR",
    "MagneticFieldStrength": 7,
    "ImagingFrequency": 297.176886,
    "Manufacturer": "Siemens",
    "ManufacturersModelName": "Investigational_Device_7T",
    "InstitutionName": "BIC",
    "InstitutionalDepartmentName": "Department",
    "InstitutionAddress": "Street StreetNo,City,District,CA,ZIP",
    "DeviceSerialNumber": "79017",
    "StationName": "AWP79017",
    "BodyPart": "CSPINE",
    "PatientPosition": "HFS",
    "ProcedureStepDescription": "Development^Dr. Cohen-Adad",
    "SoftwareVersions": "syngo MR E12",
    "MRAcquisitionType": "2D",
    "StudyDescription": "Development^Dr. Cohen-Adad",
    "SeriesDescription": "ep2d_bold_R2_baseline_120vols_v2",
    "ProtocolName": "ep2d_bold_R2_baseline_120vols_v2",
    "ScanningSequence": "EP",
    "SequenceVariant": "SK",
    "ScanOptions": "PFP\\FS",
    "SequenceName": "epfid2d1_192",
    "ImageType": [
        "ORIGINAL",
        "PRIMARY",
        "M",
        "ND",
        "MOSAIC",
        "MAGNITUDE"
    ],
    "NonlinearGradientCorrection": false,
    "SeriesNumber": 20,
    "AcquisitionTime": "16:07:53.460000",
    "AcquisitionNumber": 1,
    "SliceThickness": 3,
    "SpacingBetweenSlices": 3,
    "SAR": 0.227583,
    "TablePosition": [
        0,
        0,
        31
    ],
    "EchoTime": 0.03,
    "RepetitionTime": 2.58,
    "FlipAngle": 85,
    "PartialFourier": 0.75,
    "BaseResolution": 192,
    "ShimSetting": [
        168,
        -131,
        -1323,
        567,
        578,
        2619,
        -2113,
        62
    ],
    "TxRefAmp": 450.936,
    "PhaseResolution": 1,
    "ReceiveCoilName": "NP11_ACDC_SPINE",
    "ReceiveCoilActiveElements": "1H;1H;1H;1H;1H;1H;1H;1H;1H;1H;1H;1H;1H;1H;1H;1H;1H;1H;1H;1H",
    "PulseSequenceDetails": "%CustomerSeq%\\ep2d_bold_shimming",
    "RefLinesPE": 24,
    "CoilCombinationMethod": "Sum of Squares",
    "ConsistencyInfo": "N4_VE12U_LATEST_20181126",
    "MatrixCoilMode": "GRAPPA",
    "PercentPhaseFOV": 100,
    "PercentSampling": 100,
    "EchoTrainLength": 71,
    "PhaseEncodingSteps": 143,
    "AcquisitionMatrixPE": 192,
    "ReconMatrixPE": 192,
    "BandwidthPerPixelPhaseEncode": 10.417,
    "ParallelReductionFactorInPlane": 2,
    "EffectiveEchoSpacing": 0.000499984,
    "DerivedVendorReportedEchoSpacing": 0.000999968,
    "TotalReadoutTime": 0.0954969,
    "PixelBandwidth": 1185,
    "DwellTime": 2.2e-06,
    "PhaseEncodingDirection": "j-",
    "SliceTiming": [
        1.29,
        0,
        1.38,
        0.09,
        1.4725,
        0.1825,
        1.565,
        0.275,
        1.6575,
        0.3675,
        1.75,
        0.46,
        1.8425,
        0.5525,
        1.935,
        0.645,
        2.025,
        0.735,
        2.1175,
        0.8275,
        2.21,
        0.92,
        2.3025,
        1.0125,
        2.395,
        1.105,
        2.4875,
        1.1975
    ],
    "ImageOrientationPatientDICOM": [
        1,
        0,
        0,
        0,
        0.949972,
        0.312335
    ],
    "ImageOrientationText": "Tra>Cor(18.2)",
    "InPlanePhaseEncodingDirectionDICOM": "COL",
    "BidsGuess": [
        "func",
        "_acq-epfid2p2_dir-AP_run-20_bold"
    ],
    "ConversionSoftware": "dcm2niix",
    "ConversionSoftwareVersion": "v1.0.20250505",
    "Dcm2bidsVersion": "3.2.0",
    "TaskName": "motor",
    "Instructions": "Squeeze the ball as much as possible and hold when you see the green circle, or relax when you see the white cross, using the right hand.",
    "TaskDescription": "Motor task in which participants respond to visual cues by squeezing or relaxing a ball with the right hand.",
    "PulseSequenceType": "EPI",
    "PartialFourierDirection": "j"
}