{
    "Modality": "MR",
    "MagneticFieldStrength": 7,
    "ImagingFrequency": 297.176936,
    "Manufacturer": "Siemens",
    "ManufacturersModelName": "Investigational_Device_7T",
    "InstitutionName": "BIC",
    "InstitutionalDepartmentName": "Department",
    "InstitutionAddress": "Street StreetNo,City,District,CA,ZIP",
    "DeviceSerialNumber": "79017",
    "StationName": "AWP79017",
    "BodyPart": "CSPINE",
    "PatientPosition": "HFS",
    "ProcedureStepDescription": "Development^Dr. Cohen-Adad",
    "SoftwareVersions": "syngo MR E12",
    "MRAcquisitionType": "2D",
    "StudyDescription": "Development^Dr. Cohen-Adad",
    "SeriesDescription": "ep2d_bold_1mm_slice_SMS2_f0xyz_task",
    "ProtocolName": "ep2d_bold_1mm_slice_SMS2_f0xyz_task",
    "ScanningSequence": "EP",
    "SequenceVariant": "SK",
    "ScanOptions": "PFP\\FS",
    "SequenceName": "epfid2d1_128",
    "ImageType": [
        "ORIGINAL",
        "PRIMARY",
        "M",
        "ND",
        "MOSAIC",
        "MAGNITUDE"
    ],
    "NonlinearGradientCorrection": false,
    "SeriesNumber": 17,
    "AcquisitionTime": "09:10:45.675000",
    "AcquisitionNumber": 1,
    "SliceThickness": 1,
    "SpacingBetweenSlices": 1,
    "SAR": 0.135271,
    "TablePosition": [
        0,
        0,
        33
    ],
    "EchoTime": 0.026,
    "RepetitionTime": 3.21,
    "FlipAngle": 75,
    "PartialFourier": 0.75,
    "BaseResolution": 128,
    "ShimSetting": [
        93,
        102,
        -2241,
        144,
        -750,
        5433,
        2,
        19
    ],
    "TxRefAmp": 501.766,
    "PhaseResolution": 1,
    "ReceiveCoilName": "NP11_ACDC_SPINE",
    "ReceiveCoilActiveElements": "1H;1H;1H;1H;1H;1H;1H;1H;1H;1H;1H;1H;1H;1H;1H;1H;1H;1H;1H;1H",
    "PulseSequenceDetails": "%CustomerSeq%\\ep2d_bold_shimming",
    "RefLinesPE": 24,
    "CoilCombinationMethod": "Sum of Squares",
    "ConsistencyInfo": "N4_VE12U_LATEST_20181126",
    "MultibandAccelerationFactor": 2,
    "PercentPhaseFOV": 100,
    "PercentSampling": 100,
    "EchoTrainLength": 47,
    "PhaseEncodingSteps": 95,
    "AcquisitionMatrixPE": 128,
    "ReconMatrixPE": 128,
    "BandwidthPerPixelPhaseEncode": 14.603,
    "ParallelReductionFactorInPlane": 2,
    "EffectiveEchoSpacing": 0.000534993,
    "DerivedVendorReportedEchoSpacing": 0.00106999,
    "TotalReadoutTime": 0.0679441,
    "PixelBandwidth": 1055,
    "DwellTime": 3.7e-06,
    "PhaseEncodingDirection": "j-",
    "SliceTiming": [
        2.3675,
        0,
        1.605,
        0.075,
        1.68,
        0.1525,
        1.7575,
        0.23,
        1.835,
        0.305,
        1.91,
        0.3825,
        1.9875,
        0.4575,
        2.0625,
        0.535,
        2.14,
        0.61,
        2.215,
        0.6875,
        2.2925,
        0.84,
        2.445,
        0.9175,
        2.5225,
        0.9925,
        2.5975,
        1.07,
        2.675,
        1.145,
        2.75,
        1.2225,
        2.8275,
        1.3,
        2.9025,
        1.375,
        2.98,
        1.4525,
        3.0575,
        1.5275,
        3.1325,
        0.765,
        2.3675,
        0,
        1.605,
        0.075,
        1.68,
        0.1525,
        1.7575,
        0.23,
        1.835,
        0.305,
        1.91,
        0.3825,
        1.9875,
        0.4575,
        2.0625,
        0.535,
        2.14,
        0.61,
        2.215,
        0.6875,
        2.2925,
        0.84,
        2.445,
        0.9175,
        2.5225,
        0.9925,
        2.5975,
        1.07,
        2.675,
        1.145,
        2.75,
        1.2225,
        2.8275,
        1.3,
        2.9025,
        1.375,
        2.98,
        1.4525,
        3.0575,
        1.5275,
        3.1325,
        0.765
    ],
    "ImageOrientationPatientDICOM": [
        1,
        0,
        0,
        0,
        0.953191,
        0.30237
    ],
    "ImageOrientationText": "Tra>Cor(17.6)",
    "InPlanePhaseEncodingDirectionDICOM": "COL",
    "BidsGuess": [
        "func",
        "_acq-epfid2m2_dir-AP_run-17_bold"
    ],
    "ConversionSoftware": "dcm2niix",
    "ConversionSoftwareVersion": "v1.0.20250505",
    "Dcm2bidsVersion": "3.2.0",
    "TaskName": "motor",
    "Instructions": "Squeeze the ball as much as possible and hold when you see the green circle, or relax when you see the white cross, using the right hand.",
    "TaskDescription": "Motor task in which participants respond to visual cues by squeezing or relaxing a ball with the right hand.",
    "PulseSequenceType": "EPI",
    "PartialFourierDirection": "j"
}